GIT
  remote: git://github.com/wintonpc/destructure.git
  revision: 5142395999bcb13d5a6ce0cfd73f2e3c72c7241f
  specs:
    destructure (0.0.12)
      activesupport (~> 4.0.0)
      binding_of_caller (~> 0.7.2)
      paramix (~> 2.0.1)
      sourcify (~> 0.6.0.rc4)

GEM
  remote: https://rubygems.org/
  specs:
    abstractivator (0.4.1)
      activesupport (~> 4.0)
      sourcify (> 0)
    activesupport (4.0.13)
      i18n (~> 0.6, >= 0.6.9)
      minitest (~> 4.2)
      multi_json (~> 1.3)
      thread_safe (~> 0.1)
      tzinfo (~> 0.3.37)
    binding_of_caller (0.7.2)
      debug_inspector (>= 0.0.1)
    debug_inspector (0.0.2)
    diff-lcs (1.2.5)
    file-tail (1.0.12)
      tins (~> 0.5)
    i18n (0.7.0)
    minitest (4.7.5)
    multi_json (1.11.2)
    paramix (2.0.1)
    rspec (3.3.0)
      rspec-core (~> 3.3.0)
      rspec-expectations (~> 3.3.0)
      rspec-mocks (~> 3.3.0)
    rspec-core (3.3.2)
      rspec-support (~> 3.3.0)
    rspec-expectations (3.3.1)
      diff-lcs (>= 1.2.0, < 2.0)
      rspec-support (~> 3.3.0)
    rspec-mocks (3.3.2)
      diff-lcs (>= 1.2.0, < 2.0)
      rspec-support (~> 3.3.0)
    rspec-support (3.3.0)
    ruby2ruby (1.3.1)
      ruby_parser (~> 2.0)
      sexp_processor (~> 3.0)
    ruby_parser (2.3.1)
      sexp_processor (~> 3.0)
    sexp_processor (3.2.0)
    sourcify (0.6.0.rc4)
      file-tail (~> 1.0.10)
      ruby2ruby (~> 1.3.1)
      ruby_parser (~> 2.3.1)
      sexp_processor (~> 3.2.0)
    thread_safe (0.3.5)
    tins (0.13.2)
    tzinfo (0.3.46)

PLATFORMS
  ruby

DEPENDENCIES
  abstractivator
  destructure!
  rspec

BUNDLED WITH
   1.10.6
